GEM
  remote: https://rubygems.org/
  specs:
    bcrypt (3.1.19)
    diff-lcs (1.5.0)
    iostreams (1.10.3)
    multi_json (1.15.0)
    mustermann (3.0.0)
      ruby2_keywords (~> 0.0.1)
    net-sftp (4.0.0)
      net-ssh (>= 5.0.0, < 8.0.0)
    net-ssh (7.1.0)
    nio4r (2.6.1)
    pg (1.5.3)
    puma (6.3.1)
      nio4r (~> 2.0)
    rack (2.2.9)
    rack-protection (3.0.6)
      rack
    rspec (3.12.0)
      rspec-core (~> 3.12.0)
      rspec-expectations (~> 3.12.0)
      rspec-mocks (~> 3.12.0)
    rspec-core (3.12.2)
      rspec-support (~> 3.12.0)
    rspec-expectations (3.12.3)
      diff-lcs (>= 1.2.0, < 2.0)
      rspec-support (~> 3.12.0)
    rspec-mocks (3.12.6)
      diff-lcs (>= 1.2.0, < 2.0)
      rspec-support (~> 3.12.0)
    rspec-support (3.12.1)
    ruby2_keywords (0.0.5)
    sinatra (3.0.6)
      mustermann (~> 3.0)
      rack (~> 2.2, >= 2.2.4)
      rack-protection (= 3.0.6)
      tilt (~> 2.0)
    sinatra-contrib (3.0.6)
      multi_json
      mustermann (~> 3.0)
      rack-protection (= 3.0.6)
      sinatra (= 3.0.6)
      tilt (~> 2.0)
    taglib-ruby (1.1.3)
    tilt (2.2.0)

PLATFORMS
  x86_64-darwin-20
  x86_64-darwin-22
  x86_64-freebsd-12
  x86_64-freebsd-13
  x86_64-freebsd-14
  x86_64-linux

DEPENDENCIES
  bcrypt (~> 3.1.19)
  iostreams (~> 1.10.3)
  net-sftp (~> 4.0.0)
  pg (~> 1.5)
  puma (~> 6.3.1)
  rspec (~> 3.12)
  sinatra (~> 3)
  sinatra-contrib (~> 3)
  taglib-ruby (>= 1.1.2)

BUNDLED WITH
   2.4.10
