GEM
  remote: https://rubygems.org/
  specs:
    bcrypt (3.1.19)
    iostreams (1.10.3)
    multi_json (1.15.0)
    mustermann (3.0.0)
      ruby2_keywords (~> 0.0.1)
    net-sftp (4.0.0)
      net-ssh (>= 5.0.0, < 8.0.0)
    net-ssh (7.1.0)
    nio4r (2.5.9)
    pg (1.5.3)
    puma (6.3.0)
      nio4r (~> 2.0)
    rack (2.2.7)
    rack-protection (3.0.6)
      rack
    ruby2_keywords (0.0.5)
    sinatra (3.0.6)
      mustermann (~> 3.0)
      rack (~> 2.2, >= 2.2.4)
      rack-protection (= 3.0.6)
      tilt (~> 2.0)
    sinatra-contrib (3.0.6)
      multi_json
      mustermann (~> 3.0)
      rack-protection (= 3.0.6)
      sinatra (= 3.0.6)
      tilt (~> 2.0)
    tilt (2.2.0)

PLATFORMS
  x86_64-darwin-20
  x86_64-freebsd-12
  x86_64-freebsd-13

DEPENDENCIES
  bcrypt (~> 3.1.19)
  iostreams (~> 1.10.3)
  net-sftp (~> 4.0.0)
  pg (~> 1.5)
  puma (~> 6.3.0)
  sinatra (~> 3)
  sinatra-contrib (~> 3)

BUNDLED WITH
   2.4.17
