GEM
  remote: https://rubygems.org/
  specs:
    base64 (0.2.0)
    bcrypt (3.1.19)
    diff-lcs (1.5.0)
    iostreams (1.10.3)
    logger (1.7.0)
    multi_json (1.15.0)
    mustermann (3.0.3)
      ruby2_keywords (~> 0.0.1)
    net-sftp (4.0.0)
      net-ssh (>= 5.0.0, < 8.0.0)
    net-ssh (7.1.0)
    nio4r (2.7.4)
    pg (1.5.3)
    puma (6.4.3)
      nio4r (~> 2.0)
    rack (3.1.16)
    rack-protection (4.1.0)
      base64 (>= 0.1.0)
      logger (>= 1.6.0)
      rack (>= 3.0.0, < 4)
    rack-session (2.1.1)
      base64 (>= 0.1.0)
      rack (>= 3.0.0)
    rspec (3.12.0)
      rspec-core (~> 3.12.0)
      rspec-expectations (~> 3.12.0)
      rspec-mocks (~> 3.12.0)
    rspec-core (3.12.2)
      rspec-support (~> 3.12.0)
    rspec-expectations (3.12.3)
      diff-lcs (>= 1.2.0, < 2.0)
      rspec-support (~> 3.12.0)
    rspec-mocks (3.12.6)
      diff-lcs (>= 1.2.0, < 2.0)
      rspec-support (~> 3.12.0)
    rspec-support (3.12.1)
    ruby2_keywords (0.0.5)
    sinatra (4.1.0)
      logger (>= 1.6.0)
      mustermann (~> 3.0)
      rack (>= 3.0.0, < 4)
      rack-protection (= 4.1.0)
      rack-session (>= 2.0.0, < 3)
      tilt (~> 2.0)
    sinatra-contrib (4.1.0)
      multi_json (>= 0.0.2)
      mustermann (~> 3.0)
      rack-protection (= 4.1.0)
      sinatra (= 4.1.0)
      tilt (~> 2.0)
    taglib-ruby (2.0.0)
    tilt (2.6.0)

PLATFORMS
  x86_64-darwin-20
  x86_64-darwin-22
  x86_64-freebsd-12
  x86_64-freebsd-13
  x86_64-freebsd-14
  x86_64-linux

DEPENDENCIES
  bcrypt (~> 3.1.19)
  iostreams (~> 1.10.3)
  net-sftp (~> 4.0.0)
  pg (~> 1.5)
  puma (~> 6.4.3)
  rspec (~> 3.12)
  sinatra (~> 4)
  sinatra-contrib (~> 4)
  taglib-ruby (>= 2)

BUNDLED WITH
   2.4.10
