GEM
  remote: https://rubygems.org/
  specs:
    bcrypt (3.1.18)
    daemons (1.4.1)
    diff-lcs (1.4.4)
    eventmachine (1.2.7)
    httparty (0.20.0)
      mime-types (~> 3.0)
      multi_xml (>= 0.5.2)
    jwt (2.5.0)
    logger (1.4.2)
    mime-types (3.4.1)
      mime-types-data (~> 3.2015)
    mime-types-data (3.2022.0105)
    multi_xml (0.6.0)
    mustermann (2.0.2)
      ruby2_keywords (~> 0.0.1)
    pg (1.4.3)
    rack (2.2.4)
    rack-cache (1.12.1)
      rack (>= 0.4)
    rack-protection (2.2.3)
      rack
    rack-test (1.1.0)
      rack (>= 1.0, < 3)
    rspec (3.10.0)
      rspec-core (~> 3.10.0)
      rspec-expectations (~> 3.10.0)
      rspec-mocks (~> 3.10.0)
    rspec-core (3.10.0)
      rspec-support (~> 3.10.0)
    rspec-expectations (3.10.0)
      diff-lcs (>= 1.2.0, < 2.0)
      rspec-support (~> 3.10.0)
    rspec-mocks (3.10.0)
      diff-lcs (>= 1.2.0, < 2.0)
      rspec-support (~> 3.10.0)
    rspec-support (3.10.0)
    ruby2_keywords (0.0.5)
    sinatra (2.2.3)
      mustermann (~> 2.0)
      rack (~> 2.2)
      rack-protection (= 2.2.3)
      tilt (~> 2.0)
    taglib-ruby (1.0.1)
    thin (1.8.1)
      daemons (~> 1.0, >= 1.0.9)
      eventmachine (~> 1.0, >= 1.0.4)
      rack (>= 1, < 3)
    tilt (2.1.0)
    webrick (1.7.0)

PLATFORMS
  ruby

DEPENDENCIES
  bcrypt (~> 3.1)
  httparty (~> 0.20.0)
  jwt (~> 2.5.0)
  logger (~> 1.4.2)
  pg (~> 1.4.3)
  rack (>= 2.2.3.1)
  rack-cache
  rack-test
  rspec
  rspec-core
  sinatra (~> 2.2.3)
  taglib-ruby (~> 1.0.1)
  thin (~> 1.8.1)
  webrick

BUNDLED WITH
   2.2.16
