GEM
  remote: https://rubygems.org/
  specs:
    diff-lcs (1.3)
    httparty (0.17.1)
      mime-types (~> 3.0)
      multi_xml (>= 0.5.2)
    jwt (2.2.1)
    logger (1.3.0)
    mime-types (3.3)
      mime-types-data (~> 3.2015)
    mime-types-data (3.2019.1009)
    mp3info (0.8.5)
      ruby-mp3info (>= 0.8.5)
    multi_xml (0.6.0)
    mustermann (1.0.3)
    pg (1.1.4)
    rack (2.0.8)
    rack-cache (1.9.0)
      rack (>= 0.4)
    rack-protection (2.0.7)
      rack
    rack-test (1.1.0)
      rack (>= 1.0, < 3)
    rspec (3.9.0)
      rspec-core (~> 3.9.0)
      rspec-expectations (~> 3.9.0)
      rspec-mocks (~> 3.9.0)
    rspec-core (3.9.0)
      rspec-support (~> 3.9.0)
    rspec-expectations (3.9.0)
      diff-lcs (>= 1.2.0, < 2.0)
      rspec-support (~> 3.9.0)
    rspec-mocks (3.9.0)
      diff-lcs (>= 1.2.0, < 2.0)
      rspec-support (~> 3.9.0)
    rspec-support (3.9.0)
    ruby-mp3info (0.8.10)
    sinatra (2.0.7)
      mustermann (~> 1.0)
      rack (~> 2.0)
      rack-protection (= 2.0.7)
      tilt (~> 2.0)
    tilt (2.0.10)

PLATFORMS
  ruby

DEPENDENCIES
  httparty (~> 0.17.1)
  jwt (~> 2.2.1)
  logger (~> 1.3.0)
  mp3info (~> 0.8.5)
  pg (~> 1.1.4)
  rack (~> 2.0.8)
  rack-cache
  rack-test
  rspec
  rspec-core
  sinatra (~> 2.0.4)

BUNDLED WITH
   1.17.2
