GEM
  remote: https://rubygems.org/
  specs:
    base64 (0.3.0)
    bcrypt (3.1.18)
    daemons (1.4.1)
    diff-lcs (1.6.2)
    eventmachine (1.2.7)
    httparty (0.21.0)
      mini_mime (>= 1.0.0)
      multi_xml (>= 0.5.2)
    jwt (2.5.0)
    logger (1.7.0)
    mini_mime (1.1.2)
    multi_xml (0.6.0)
    mustermann (3.0.3)
      ruby2_keywords (~> 0.0.1)
    pg (1.4.3)
    rack (3.1.16)
    rack-cache (1.12.1)
      rack (>= 0.4)
    rack-protection (4.1.1)
      base64 (>= 0.1.0)
      logger (>= 1.6.0)
      rack (>= 3.0.0, < 4)
    rack-session (2.1.1)
      base64 (>= 0.1.0)
      rack (>= 3.0.0)
    rack-test (2.2.0)
      rack (>= 1.3)
    rspec (3.13.1)
      rspec-core (~> 3.13.0)
      rspec-expectations (~> 3.13.0)
      rspec-mocks (~> 3.13.0)
    rspec-core (3.13.5)
      rspec-support (~> 3.13.0)
    rspec-expectations (3.13.5)
      diff-lcs (>= 1.2.0, < 2.0)
      rspec-support (~> 3.13.0)
    rspec-mocks (3.13.5)
      diff-lcs (>= 1.2.0, < 2.0)
      rspec-support (~> 3.13.0)
    rspec-support (3.13.4)
    ruby2_keywords (0.0.5)
    sinatra (4.1.1)
      logger (>= 1.6.0)
      mustermann (~> 3.0)
      rack (>= 3.0.0, < 4)
      rack-protection (= 4.1.1)
      rack-session (>= 2.0.0, < 3)
      tilt (~> 2.0)
    taglib-ruby (1.0.1)
    thin (2.0.1)
      daemons (~> 1.0, >= 1.0.9)
      eventmachine (~> 1.0, >= 1.0.4)
      logger
      rack (>= 1, < 4)
    tilt (2.6.1)
    webrick (1.8.2)

PLATFORMS
  ruby

DEPENDENCIES
  bcrypt (~> 3.1)
  httparty (~> 0.21.0)
  jwt (~> 2.5.0)
  logger (~> 1.7.0)
  pg (~> 1.4.3)
  rack (>= 2.2.3.1)
  rack-cache
  rack-test
  rspec
  rspec-core
  sinatra (~> 4.1.1)
  taglib-ruby (~> 1.0.1)
  thin (~> 2.0.1)
  webrick

BUNDLED WITH
   2.2.16
